GEM
  remote: https://rubygems.org/
  specs:
    ast (2.4.0)
    backports (3.6.8)
    coderay (1.1.2)
    erubis (2.7.0)
    jaro_winkler (1.5.3)
    method_source (0.9.2)
    multi_json (1.12.1)
    parallel (1.18.0)
    parser (2.6.5.0)
      ast (~> 2.4.0)
    pry (0.12.2)
      coderay (~> 1.1.0)
      method_source (~> 0.9.0)
    rack (1.6.4)
    rack-protection (1.5.3)
      rack
    rack-test (0.6.3)
      rack (>= 1.0)
    rainbow (3.0.0)
    rubocop (0.75.1)
      jaro_winkler (~> 1.5.1)
      parallel (~> 1.10)
      parser (>= 2.6)
      rainbow (>= 2.2.2, < 4.0)
      ruby-progressbar (~> 1.7)
      unicode-display_width (>= 1.4.0, < 1.7)
    ruby-progressbar (1.10.1)
    sinatra (1.4.7)
      rack (~> 1.5)
      rack-protection (~> 1.4)
      tilt (>= 1.3, < 3)
    sinatra-contrib (1.4.7)
      backports (>= 2.0)
      multi_json
      rack-protection
      rack-test
      sinatra (~> 1.4.0)
      tilt (>= 1.3, < 3)
    tilt (2.0.5)
    unicode-display_width (1.6.0)

PLATFORMS
  ruby

DEPENDENCIES
  erubis
  pry
  rubocop
  sinatra (~> 1.4.7)
  sinatra-contrib

BUNDLED WITH
   1.17.2
